GIT
  remote: git://github.com/NYULibraries/authpds-nyu.git
  revision: 7a3739b33c7eedf1312cfc186dd79e61321a4f10
  tag: v1.1.3
  specs:
    authpds-nyu (1.1.3)
      authpds (~> 1.1.1)
      exlibris-aleph (~> 1.1.0)
      require_all (~> 1.3.1)

GIT
  remote: git://github.com/NYULibraries/exlibris-nyu.git
  revision: b015c888271358f8fdf0a30425a67994c9df8658
  branch: development
  specs:
    exlibris-nyu (1.1.4)
      exlibris-aleph (~> 1.1.0)
      exlibris-primo (~> 1.1.2)
      nokogiri (~> 1.6)
      require_all (~> 1.3)

GIT
  remote: git://github.com/NYULibraries/nyulibraries-assets.git
  revision: cefc7195e0d86abcd1af34f234b86f1a7de2e7cb
  tag: v2.0.7
  specs:
    nyulibraries-assets (2.0.1)
      bootstrap-sass (>= 2.2.0, < 2.3.1.1)
      compass (~> 0.12.2)
      institutions (~> 0.1.1)

GIT
  remote: git://github.com/NYULibraries/nyulibraries_deploy.git
  revision: fb50274d12329936c7418c6c0a9931d6487b9fac
  tag: v3.2.0
  specs:
    nyulibraries_deploy (3.2.0)
      cap_git_tools (~> 0.9.1)
      capistrano (~> 2.15.5)
      git (~> 1.2.5)
      mail (~> 2.5.4)
      newrelic_rpm (~> 3.6.0)
      rake (~> 10.1.0)
      require_all (~> 1.3.0)
      rvm-capistrano (~> 1.5.0)

GIT
  remote: git://github.com/josh/mustache-rails.git
  revision: d219b298ddc94ca0c4b749125a803f74157ddd03
  specs:
    mustache-rails (0.2.3)
      actionpack (>= 3.1)
      mustache (~> 0.99.4)

GEM
  remote: https://rubygems.org/
  specs:
    actionmailer (3.2.17)
      actionpack (= 3.2.17)
      mail (~> 2.5.4)
    actionpack (3.2.17)
      activemodel (= 3.2.17)
      activesupport (= 3.2.17)
      builder (~> 3.0.0)
      erubis (~> 2.7.0)
      journey (~> 1.0.4)
      rack (~> 1.4.5)
      rack-cache (~> 1.2)
      rack-test (~> 0.6.1)
      sprockets (~> 2.2.1)
    activemodel (3.2.17)
      activesupport (= 3.2.17)
      builder (~> 3.0.0)
    activerecord (3.2.17)
      activemodel (= 3.2.17)
      activesupport (= 3.2.17)
      arel (~> 3.0.2)
      tzinfo (~> 0.3.29)
    activeresource (3.2.17)
      activemodel (= 3.2.17)
      activesupport (= 3.2.17)
    activesupport (3.2.17)
      i18n (~> 0.6, >= 0.6.4)
      multi_json (~> 1.0)
    addressable (2.3.5)
    akami (1.2.1)
      gyoku (>= 0.4.0)
      nokogiri
    arel (3.0.3)
    authlogic (3.3.0)
      activerecord (>= 3.2)
      activesupport (>= 3.2)
    authpds (1.1.4)
      activerecord (~> 3.2.14)
      activesupport (~> 3.2.14)
      authlogic (~> 3.3.0)
      institutions (~> 0.1.3)
      nokogiri (~> 1.6.0)
      require_all (~> 1.3.1)
    better_errors (1.0.1)
      coderay (>= 1.0.0)
      erubis (>= 2.6.6)
    binding_of_caller (0.7.2)
      debug_inspector (>= 0.0.1)
    bootstrap-sass (2.3.1.0)
      sass (~> 3.2)
    builder (3.0.4)
    cap_git_tools (0.9.1)
      capistrano (~> 2.0)
    capistrano (2.15.5)
      highline
      net-scp (>= 1.0.0)
      net-sftp (>= 2.0.0)
      net-ssh (>= 2.0.14)
      net-ssh-gateway (>= 1.1.0)
    capybara (2.2.1)
      mime-types (>= 1.16)
      nokogiri (>= 1.3.3)
      rack (>= 1.0.0)
      rack-test (>= 0.5.4)
      xpath (~> 2.0)
    childprocess (0.5.1)
      ffi (~> 1.0, >= 1.0.11)
    chunky_png (1.3.0)
    cliver (0.3.2)
    coderay (1.1.0)
    coffee-rails (3.2.2)
      coffee-script (>= 2.2.0)
      railties (~> 3.2.0)
    coffee-script (2.2.0)
      coffee-script-source
      execjs
    coffee-script-source (1.7.0)
    columnize (0.3.6)
    compass (0.12.4)
      chunky_png (~> 1.2)
      fssm (>= 0.2.7)
      sass (~> 3.2.17)
    compass-rails (1.0.3)
      compass (>= 0.12.2, < 0.14)
    confstruct (0.2.7)
    coveralls (0.7.0)
      multi_json (~> 1.3)
      rest-client
      simplecov (>= 0.7)
      term-ansicolor
      thor
    crack (0.4.2)
      safe_yaml (~> 1.0.0)
    cucumber (1.3.11)
      builder (>= 2.1.2)
      diff-lcs (>= 1.1.3)
      gherkin (~> 2.12)
      multi_json (>= 1.7.5, < 2.0)
      multi_test (>= 0.0.2)
    cucumber-rails (1.4.0)
      capybara (>= 1.1.2)
      cucumber (>= 1.2.0)
      nokogiri (>= 1.5.0)
      rails (>= 3.0.0)
    daemon_controller (1.1.8)
    dalli (2.6.4)
    database_cleaner (1.2.0)
    debug_inspector (0.0.2)
    debugger (1.6.5)
      columnize (>= 0.3.1)
      debugger-linecache (~> 1.2.0)
      debugger-ruby_core_source (~> 1.3.1)
    debugger-linecache (1.2.0)
    debugger-ruby_core_source (1.3.1)
    diff-lcs (1.2.5)
    docile (1.1.3)
    ensure_valid_encoding (0.5.3)
    erubis (2.7.0)
    execjs (2.0.2)
    exlibris-aleph (1.1.0)
      activesupport (~> 3.2.14)
      builder (>= 3.0.0)
      httparty (~> 0.11.0)
      marc (~> 0.7.1)
      nokogiri (~> 1.6.0)
      rake (~> 10.1.0)
      require_all (~> 1.3.1)
    exlibris-primo (1.1.3)
      activesupport (>= 3.2.14)
      iso-639 (~> 0.2.0)
      json (~> 1.8.0)
      nokogiri (~> 1.6.0)
      require_all (~> 1.3.1)
      savon (~> 2.2.0)
    factory_girl (4.4.0)
      activesupport (>= 3.0.0)
    factory_girl_rails (4.4.0)
      factory_girl (~> 4.4.0)
      railties (>= 3.0.0)
    fattr (2.2.1)
    ffi (1.9.3)
    fssm (0.2.10)
    gherkin (2.12.2)
      multi_json (~> 1.3)
    git (1.2.6)
    gyoku (1.0.0)
      builder (>= 2.1.2)
    highline (1.6.20)
    hike (1.2.3)
    htmlentities (4.3.1)
    httparty (0.11.0)
      multi_json (~> 1.0)
      multi_xml (>= 0.5.2)
    httpi (2.0.2)
      rack
    i18n (0.6.9)
    institutions (0.1.3)
      ipaddr_range_set (~> 0.10.0)
      require_all (~> 1.3.1)
    ipaddr_range_set (0.10.0)
    isbn (2.0.9)
    iso-639 (0.2.4)
    journey (1.0.4)
    jquery-rails (3.0.4)
      railties (>= 3.0, < 5.0)
      thor (>= 0.14, < 2.0)
    json (1.8.1)
    libv8 (3.11.8.17)
    mail (2.5.4)
      mime-types (~> 1.16)
      treetop (~> 1.4.8)
    marc (0.7.1)
    method_source (0.8.2)
    mime-types (1.25.1)
    mini_portile (0.5.3)
    multi_json (1.9.2)
    multi_test (0.0.3)
    multi_xml (0.5.5)
    mustache (0.99.4)
    mysql2 (0.3.15)
    net-scp (1.1.2)
      net-ssh (>= 2.6.5)
    net-sftp (2.1.2)
      net-ssh (>= 2.6.5)
    net-ssh (2.8.0)
    net-ssh-gateway (1.2.0)
      net-ssh (>= 2.6.5)
    newrelic_rpm (3.6.9.171)
    nokogiri (1.6.1)
      mini_portile (~> 0.5.0)
    nori (2.1.0)
    openurl (0.4.3)
      ensure_valid_encoding
      marc
    options (2.3.0)
      fattr
    passenger (4.0.37)
      daemon_controller (>= 1.1.0)
      rack
      rake (>= 0.8.1)
    poltergeist (1.5.0)
      capybara (~> 2.1)
      cliver (~> 0.3.1)
      multi_json (~> 1.0)
      websocket-driver (>= 0.2.0)
    polyglot (0.3.4)
    pr_geohash (1.0.0)
    progress_bar (1.0.0)
      highline (~> 1.6.1)
      options (~> 2.3.0)
    pry (0.9.12.6)
      coderay (~> 1.0)
      method_source (~> 0.8)
      slop (~> 3.4)
    rack (1.4.5)
    rack-cache (1.2)
      rack (>= 0.4)
    rack-ssl (1.3.3)
      rack
    rack-test (0.6.2)
      rack (>= 1.0)
    rails (3.2.17)
      actionmailer (= 3.2.17)
      actionpack (= 3.2.17)
      activerecord (= 3.2.17)
      activeresource (= 3.2.17)
      activesupport (= 3.2.17)
      bundler (~> 1.0)
      railties (= 3.2.17)
    rails_config (0.3.3)
      activesupport (>= 3.0)
    railties (3.2.17)
      actionpack (= 3.2.17)
      activesupport (= 3.2.17)
      rack-ssl (~> 1.3.2)
      rake (>= 0.8.7)
      rdoc (~> 3.4)
      thor (>= 0.14.6, < 2.0)
    rake (10.1.1)
    rdoc (3.12.2)
      json (~> 1.4)
    ref (1.0.5)
    require_all (1.3.2)
    rest-client (1.6.7)
      mime-types (>= 1.16)
    rsolr (1.0.9)
      builder (>= 2.1.2)
    rspec-core (2.14.8)
    rspec-expectations (2.14.5)
      diff-lcs (>= 1.1.3, < 2.0)
    rspec-mocks (2.14.6)
    rspec-rails (2.14.1)
      actionpack (>= 3.0)
      activemodel (>= 3.0)
      activesupport (>= 3.0)
      railties (>= 3.0)
      rspec-core (~> 2.14.0)
      rspec-expectations (~> 2.14.0)
      rspec-mocks (~> 2.14.0)
    rubyzip (1.1.0)
    rvm-capistrano (1.5.1)
      capistrano (~> 2.15.4)
    safe_yaml (1.0.1)
    sass (3.2.18)
    sass-rails (3.2.6)
      railties (~> 3.2.0)
      sass (>= 3.1.10)
      tilt (~> 1.3)
    savon (2.2.0)
      akami (~> 1.2.0)
      builder (>= 2.1.2)
      gyoku (~> 1.0.0)
      httpi (~> 2.0.2)
      nokogiri (>= 1.4.0)
      nori (~> 2.1.0)
      wasabi (~> 3.1.0)
    selenium-webdriver (2.40.0)
      childprocess (>= 0.5.0)
      multi_json (~> 1.0)
      rubyzip (~> 1.0)
      websocket (~> 1.0.4)
    simplecov (0.8.2)
      docile (~> 1.1.0)
      multi_json
      simplecov-html (~> 0.8.0)
    simplecov-html (0.8.0)
    slop (3.4.7)
    sprockets (2.2.2)
      hike (~> 1.2)
      multi_json (~> 1.0)
      rack (~> 1.0)
      tilt (~> 1.1, != 1.3.0)
    sunspot (2.0.0)
      pr_geohash (~> 1.0)
      rsolr (~> 1.0.7)
    sunspot_rails (2.0.0)
      nokogiri
      sunspot (= 2.0.0)
    term-ansicolor (1.2.2)
      tins (~> 0.8)
    therubyracer (0.11.4)
      libv8 (~> 3.11.8.12)
      ref
    thor (0.18.1)
    tilt (1.4.1)
    tins (0.13.2)
    treetop (1.4.15)
      polyglot
      polyglot (>= 0.3.1)
    tzinfo (0.3.39)
    uglifier (2.1.2)
      execjs (>= 0.3.0)
      multi_json (~> 1.0, >= 1.0.2)
    umlaut (3.2.0)
      bootstrap-sass (~> 2.3.0)
      confstruct (~> 0.2)
      ensure_valid_encoding
      htmlentities
      isbn (~> 2.0.9)
      jquery-rails
      marc (>= 0.5.0, < 1.1)
      multi_json
      nokogiri (>= 1.5.3)
      openurl (>= 0.4.3)
      rails (~> 3.2.12)
      sass-rails (~> 3.2.6)
    umlaut-primo (0.1.2)
      exlibris-primo (>= 1.0.8)
      require_all (>= 1.2.1)
    vcr (2.6.0)
    wasabi (3.1.0)
      httpi (~> 2.0)
      nokogiri (>= 1.4.0)
    webmock (1.15.2)
      addressable (>= 2.2.7)
      crack (>= 0.3.2)
    websocket (1.0.7)
    websocket-driver (0.3.2)
    xpath (2.0.0)
      nokogiri (~> 1.3)

PLATFORMS
  ruby

DEPENDENCIES
  authpds-nyu!
  better_errors (~> 1.0.1)
  binding_of_caller (~> 0.7.2)
  coffee-rails (~> 3.2.2)
  compass-rails (~> 1.0.3)
  coveralls (~> 0.7.0)
  cucumber-rails (~> 1.4.0)
  dalli (~> 2.6.0)
  database_cleaner (~> 1.2.0)
  debugger (~> 1.6.2)
  exlibris-nyu!
  factory_girl_rails (~> 4.4.0)
  jquery-rails (~> 3.0.4)
  json (~> 1.8.0)
  mustache (= 0.99.4)
  mustache-rails!
  mysql2 (~> 0.3.13)
  newrelic_rpm (~> 3.6.0)
  nyulibraries-assets!
  nyulibraries_deploy!
  passenger (~> 4.0.0)
  poltergeist (~> 1.5.0)
  progress_bar (~> 1.0.0)
  pry
  rails (~> 3.2.17)
  rails_config (~> 0.3.3)
  rspec-rails (~> 2.14.0)
  sass-rails (~> 3.2.6)
  selenium-webdriver (~> 2.40.0)
  sunspot_rails (~> 2.0.0)
  therubyracer (~> 0.11.1)
  uglifier (~> 2.1.0)
  umlaut (~> 3.2)
  umlaut-primo (~> 0.1.2)
  vcr (~> 2.6.0)
  webmock (~> 1.15.0)
