GIT
  remote: git://github.com/NYULibraries/nyulibraries_assets.git
  revision: 08ce83f926a73ce452d0d3de980a5f3385ecd6e8
  specs:
    nyulibraries_assets (0.0.3)
      bootstrap-sass (~> 2.2.0)
      compass (~> 0.12.2)
      institutions (~> 0.0.4)
      rake (~> 10.0.2)

GIT
  remote: git://github.com/team-umlaut/umlaut.git
  revision: e0851522449a5340b4ed4d1a4e5f3e6bb9ffb37d
  branch: bootstrap
  specs:
    umlaut (3.0.4)
      bootstrap-sass
      confstruct (~> 0.2)
      ensure_valid_encoding
      exlibris-primo (~> 1.0.4)
      htmlentities
      isbn
      jquery-rails
      marc (>= 0.5.0, < 1.1)
      multi_json
      nokogiri (~> 1.5.3)
      openurl (>= 0.4.0)
      rails (~> 3.2.5)
      sass-rails

GEM
  remote: http://rubygems.org/
  specs:
    actionmailer (3.2.11)
      actionpack (= 3.2.11)
      mail (~> 2.4.4)
    actionpack (3.2.11)
      activemodel (= 3.2.11)
      activesupport (= 3.2.11)
      builder (~> 3.0.0)
      erubis (~> 2.7.0)
      journey (~> 1.0.4)
      rack (~> 1.4.0)
      rack-cache (~> 1.2)
      rack-test (~> 0.6.1)
      sprockets (~> 2.2.1)
    activemodel (3.2.11)
      activesupport (= 3.2.11)
      builder (~> 3.0.0)
    activerecord (3.2.11)
      activemodel (= 3.2.11)
      activesupport (= 3.2.11)
      arel (~> 3.0.2)
      tzinfo (~> 0.3.29)
    activerecord-import (0.3.0)
      activerecord (~> 3.0)
    activeresource (3.2.11)
      activemodel (= 3.2.11)
      activesupport (= 3.2.11)
    activesupport (3.2.11)
      i18n (~> 0.6)
      multi_json (~> 1.0)
    addressable (2.3.2)
    akami (1.2.0)
      gyoku (>= 0.4.0)
      nokogiri (>= 1.4.0)
    arel (3.0.2)
    authlogic (3.1.3)
      activerecord (>= 3.0.0)
      activesupport (>= 3.0.0)
    authpds (0.2.4)
      authlogic (~> 3.1.3)
      institutions (~> 0.0.4)
      nokogiri (~> 1.5.0)
      rails (~> 3.2.0)
      require_all (~> 1.2.1)
    authpds-nyu (0.2.5)
      authpds (~> 0.2.4)
      exlibris-aleph (~> 0.1.0)
      rails (~> 3.2.0)
      require_all (~> 1.2.1)
    bootstrap-sass (2.2.2.0)
      sass (~> 3.2)
    builder (3.0.4)
    capistrano (2.14.1)
      highline
      net-scp (>= 1.0.0)
      net-sftp (>= 2.0.0)
      net-ssh (>= 2.0.14)
      net-ssh-gateway (>= 1.1.0)
    chunky_png (1.2.7)
    coffee-rails (3.2.2)
      coffee-script (>= 2.2.0)
      railties (~> 3.2.0)
    coffee-script (2.2.0)
      coffee-script-source
      execjs
    coffee-script-source (1.4.0)
    compass (0.12.2)
      chunky_png (~> 1.2)
      fssm (>= 0.2.7)
      sass (~> 3.1)
    compass-rails (1.0.3)
      compass (>= 0.12.2, < 0.14)
    confstruct (0.2.5)
    crack (0.3.2)
    daemon_controller (1.1.1)
    dalli (2.6.2)
    ensure_valid_encoding (0.5.3)
    erubis (2.7.0)
    execjs (1.4.0)
      multi_json (~> 1.0)
    exlibris-aleph (0.1.6)
      httparty
      nokogiri
      rails (~> 3.2.0)
    exlibris-primo (1.0.5)
      activesupport (~> 3.2.0)
      iso-639 (~> 0.1.0)
      json (~> 1.7.5)
      nokogiri (~> 1.5.3)
      rake (~> 10.0.3)
      require_all (~> 1.2.1)
      savon (~> 1.2.0)
    fastthread (1.0.7)
    fattr (2.2.1)
    fssm (0.2.10)
    git (1.2.5)
    gyoku (0.4.6)
      builder (>= 2.1.2)
    highline (1.6.15)
    hike (1.2.1)
    htmlentities (4.3.1)
    httparty (0.10.2)
      multi_json (~> 1.0)
      multi_xml (>= 0.5.2)
    httpi (1.1.1)
      rack
    i18n (0.6.1)
    institutions (0.0.4)
      git (~> 1.2.5)
      ipaddr_range_set (~> 0.10.0)
      rake
      rdoc
      require_all (~> 1.2.1)
    ipaddr_range_set (0.10.0)
    isbn (2.0.9)
    iso-639 (0.1.0)
    journey (1.0.4)
    jquery-rails (2.1.4)
      railties (>= 3.0, < 5.0)
      thor (>= 0.14, < 2.0)
    json (1.7.6)
    libv8 (3.11.8.13)
    mail (2.4.4)
      i18n (>= 0.4.0)
      mime-types (~> 1.16)
      treetop (~> 1.4.8)
    marc (0.5.0)
    mime-types (1.19)
    multi_json (1.5.0)
    multi_xml (0.5.2)
    mustache (0.99.4)
    mustache-rails (0.2.3)
      actionpack (>= 3.1)
      mustache (~> 0.99.4)
    mysql2 (0.3.11)
    net-scp (1.0.4)
      net-ssh (>= 1.99.1)
    net-sftp (2.0.5)
      net-ssh (>= 2.0.9)
    net-ssh (2.6.3)
    net-ssh-gateway (1.1.0)
      net-ssh (>= 1.99.1)
    newrelic_rpm (3.5.6.46)
    nokogiri (1.5.6)
    nori (1.1.4)
    openurl (0.4.2)
      ensure_valid_encoding
      marc
    options (2.3.0)
      fattr
    passenger (3.0.19)
      daemon_controller (>= 1.0.0)
      fastthread (>= 1.0.1)
      rack
      rake (>= 0.8.1)
    polyglot (0.3.3)
    pr_geohash (1.0.0)
    progress_bar (0.4.0)
      highline (~> 1.6.1)
      options (~> 2.3.0)
    rack (1.4.4)
    rack-cache (1.2)
      rack (>= 0.4)
    rack-ssl (1.3.3)
      rack
    rack-test (0.6.2)
      rack (>= 1.0)
    rails (3.2.11)
      actionmailer (= 3.2.11)
      actionpack (= 3.2.11)
      activerecord (= 3.2.11)
      activeresource (= 3.2.11)
      activesupport (= 3.2.11)
      bundler (~> 1.0)
      railties (= 3.2.11)
    railties (3.2.11)
      actionpack (= 3.2.11)
      activesupport (= 3.2.11)
      rack-ssl (~> 1.3.2)
      rake (>= 0.8.7)
      rdoc (~> 3.4)
      thor (>= 0.14.6, < 2.0)
    rake (10.0.3)
    rdoc (3.12)
      json (~> 1.4)
    ref (1.0.2)
    require_all (1.2.1)
    rsolr (1.0.8)
      builder (>= 2.1.2)
    rvm-capistrano (1.2.7)
      capistrano (>= 2.0.0)
    sass (3.2.5)
    sass-rails (3.2.6)
      railties (~> 3.2.0)
      sass (>= 3.1.10)
      tilt (~> 1.3)
    savon (1.2.0)
      akami (~> 1.2.0)
      builder (>= 2.1.2)
      gyoku (~> 0.4.5)
      httpi (~> 1.1.0)
      nokogiri (>= 1.4.0)
      nori (~> 1.1.0)
      wasabi (~> 2.5.0)
    simplecov (0.7.1)
      multi_json (~> 1.0)
      simplecov-html (~> 0.7.1)
    simplecov-html (0.7.1)
    simplecov-rcov (0.2.3)
      simplecov (>= 0.4.1)
    sprockets (2.2.2)
      hike (~> 1.2)
      multi_json (~> 1.0)
      rack (~> 1.0)
      tilt (~> 1.1, != 1.3.0)
    sunspot (1.3.3)
      pr_geohash (~> 1.0)
      rsolr (~> 1.0.7)
    sunspot_rails (1.3.3)
      nokogiri
      sunspot (= 1.3.3)
    therubyracer (0.11.3)
      libv8 (~> 3.11.8.12)
      ref
    thor (0.17.0)
    tilt (1.3.3)
    treetop (1.4.12)
      polyglot
      polyglot (>= 0.3.1)
    tzinfo (0.3.35)
    uglifier (1.3.0)
      execjs (>= 0.3.0)
      multi_json (~> 1.0, >= 1.0.2)
    vcr (2.4.0)
    wasabi (2.5.1)
      httpi (~> 1.0)
      nokogiri (>= 1.4.0)
    webmock (1.9.0)
      addressable (>= 2.2.7)
      crack (>= 0.1.7)

PLATFORMS
  ruby

DEPENDENCIES
  activerecord-import
  activerecord-jdbcmysql-adapter (~> 1.2.5)
  authpds-nyu (~> 0.2.5)
  capistrano (~> 2.14.1)
  coffee-rails (~> 3.2.2)
  compass-rails (~> 1.0.3)
  dalli (~> 2.6.0)
  exlibris-aleph (~> 0.1.6)
  jquery-rails (~> 2.1.4)
  jruby-openssl (~> 0.8.2)
  jruby-rack (~> 1.1.12)
  mustache-rails (~> 0.2.3)
  mysql2 (~> 0.3.11)
  newrelic_rpm (~> 3.5.5)
  nyulibraries_assets!
  passenger (~> 3.0.19)
  progress_bar (~> 0.4.0)
  rails (~> 3.2.11)
  rvm-capistrano (~> 1.2.7)
  sass-rails (~> 3.2.5)
  simplecov (~> 0.7.1)
  simplecov-rcov (~> 0.2.3)
  sunspot_rails (~> 1.3.3)
  therubyracer (~> 0.11.1)
  therubyrhino (~> 2.0.2)
  uglifier (>= 1.3.0)
  umlaut!
  vcr (~> 2.4.0)
  webmock (~> 1.9.0)
