GIT
  remote: git://github.com/NYULibraries/exlibris-nyu.git
  revision: 7e5f8fb4da8a96b8bd89f76ee91b0763280bade5
  tag: v1.0.6
  specs:
    exlibris-nyu (1.0.6)
      exlibris-aleph (~> 1.0.6)
      exlibris-primo (~> 1.0.10)
      nokogiri (~> 1.5.6)
      rake (~> 10.0.3)
      require_all (~> 1.2.1)

GIT
  remote: git://github.com/NYULibraries/nyulibraries_assets.git
  revision: 5876b39910ad412cfd950a4494f538066c495571
  specs:
    nyulibraries_assets (1.0.9)
      bootstrap-sass (= 2.3.1.0)
      compass (~> 0.12.2)
      institutions (~> 0.0.5)
      rake (~> 10.0.2)

GIT
  remote: git://github.com/NYULibraries/rake_nyu.git
  revision: ac5c6e60209e10067348da0f4a89a998dd07a45a
  specs:
    rake_nyu (1.0.0)
      rake (~> 10.0.4)
      require_all (~> 1.2.1)

GIT
  remote: git://github.com/scotdalton/authpds-nyu.git
  revision: 8cceb0dac53669caaa2c74b648f15d872a3fa70a
  specs:
    authpds-nyu (0.2.12)
      authpds (~> 0.2.8)
      exlibris-aleph (~> 1.0.4)
      require_all (~> 1.2.1)

GIT
  remote: git://github.com/team-umlaut/umlaut-primo.git
  revision: 89a380e532ac06431677ad529a55ee09a02e9939
  specs:
    umlaut-primo (0.1.0)
      exlibris-primo (~> 1.0.8)
      rake (~> 10.0.3)
      require_all (~> 1.2.1)

GIT
  remote: git://github.com/team-umlaut/umlaut.git
  revision: a2aaeeaccc16c28abc54b0abb128ef12652a9732
  branch: bootstrap
  specs:
    umlaut (3.0.4)
      bootstrap-sass (~> 2.3.0)
      confstruct (~> 0.2)
      ensure_valid_encoding
      htmlentities
      isbn (~> 2.0.9)
      jquery-rails
      marc (>= 0.5.0, < 1.1)
      multi_json
      nokogiri (~> 1.5.3)
      openurl (>= 0.4.0)
      rails (~> 3.2.12)
      sass-rails (~> 3.2.6)

GEM
  remote: https://rubygems.org/
  specs:
    actionmailer (3.2.13)
      actionpack (= 3.2.13)
      mail (~> 2.5.3)
    actionpack (3.2.13)
      activemodel (= 3.2.13)
      activesupport (= 3.2.13)
      builder (~> 3.0.0)
      erubis (~> 2.7.0)
      journey (~> 1.0.4)
      rack (~> 1.4.5)
      rack-cache (~> 1.2)
      rack-test (~> 0.6.1)
      sprockets (~> 2.2.1)
    activemodel (3.2.13)
      activesupport (= 3.2.13)
      builder (~> 3.0.0)
    activerecord (3.2.13)
      activemodel (= 3.2.13)
      activesupport (= 3.2.13)
      arel (~> 3.0.2)
      tzinfo (~> 0.3.29)
    activerecord-jdbc-adapter (1.2.9)
    activerecord-jdbcmysql-adapter (1.2.9)
      activerecord-jdbc-adapter (~> 1.2.9)
      jdbc-mysql (~> 5.1.0)
    activeresource (3.2.13)
      activemodel (= 3.2.13)
      activesupport (= 3.2.13)
    activesupport (3.2.13)
      i18n (= 0.6.1)
      multi_json (~> 1.0)
    addressable (2.3.4)
    akami (1.2.0)
      gyoku (>= 0.4.0)
      nokogiri (>= 1.4.0)
    arel (3.0.2)
    authlogic (3.1.3)
      activerecord (>= 3.0.0)
      activesupport (>= 3.0.0)
    authpds (0.2.8)
      authlogic (~> 3.1.3)
      institutions (~> 0.0.4)
      nokogiri (~> 1.5.3)
      require_all (~> 1.2.1)
    better_errors (0.7.2)
      coderay (>= 1.0.0)
      erubis (>= 2.6.6)
    binding_of_caller (0.7.1)
      debug_inspector (>= 0.0.1)
    bootstrap-sass (2.3.1.0)
      sass (~> 3.2)
    builder (3.0.4)
    capistrano (2.15.4)
      highline
      net-scp (>= 1.0.0)
      net-sftp (>= 2.0.0)
      net-ssh (>= 2.0.14)
      net-ssh-gateway (>= 1.1.0)
    chunky_png (1.2.8)
    coderay (1.0.9)
    coffee-rails (3.2.2)
      coffee-script (>= 2.2.0)
      railties (~> 3.2.0)
    coffee-script (2.2.0)
      coffee-script-source
      execjs
    coffee-script-source (1.6.2)
    colorize (0.5.8)
    columnize (0.3.6)
    compass (0.12.2)
      chunky_png (~> 1.2)
      fssm (>= 0.2.7)
      sass (~> 3.1)
    compass-rails (1.0.3)
      compass (>= 0.12.2, < 0.14)
    confstruct (0.2.5)
    coveralls (0.6.7)
      colorize
      multi_json (~> 1.3)
      rest-client
      simplecov (>= 0.7)
      thor
    crack (0.3.2)
    daemon_controller (1.1.4)
    dalli (2.6.2)
    debug_inspector (0.0.2)
    debugger (1.5.0)
      columnize (>= 0.3.1)
      debugger-linecache (~> 1.2.0)
      debugger-ruby_core_source (~> 1.2.0)
    debugger-linecache (1.2.0)
    debugger-ruby_core_source (1.2.0)
    ensure_valid_encoding (0.5.3)
    erubis (2.7.0)
    execjs (1.4.0)
      multi_json (~> 1.0)
    exlibris-aleph (1.0.6)
      activesupport (~> 3.2.12)
      builder (~> 3.0.0)
      httparty (~> 0.10.2)
      marc (~> 0.5.0)
      nokogiri (~> 1.5.6)
      rake (~> 10.0.3)
      require_all (~> 1.2.1)
    exlibris-primo (1.0.10)
      activesupport (~> 3.2.0)
      iso-639 (~> 0.1.0)
      json (~> 1.7.5)
      nokogiri (~> 1.5.3)
      rake (~> 10.0.3)
      require_all (~> 1.2.1)
      savon (~> 1.2.0)
    fastthread (1.0.7)
    fattr (2.2.1)
    fssm (0.2.10)
    git (1.2.5)
    gyoku (0.4.6)
      builder (>= 2.1.2)
    highline (1.6.18)
    hike (1.2.2)
    htmlentities (4.3.1)
    httparty (0.10.2)
      multi_json (~> 1.0)
      multi_xml (>= 0.5.2)
    httpi (1.1.1)
      rack
    i18n (0.6.1)
    institutions (0.0.5)
      git (~> 1.2.5)
      ipaddr_range_set (~> 0.10.0)
      rake
      rdoc
      require_all (~> 1.2.1)
    ipaddr_range_set (0.10.0)
    isbn (2.0.9)
    iso-639 (0.1.0)
    jdbc-mysql (5.1.24)
    journey (1.0.4)
    jquery-rails (2.2.1)
      railties (>= 3.0, < 5.0)
      thor (>= 0.14, < 2.0)
    jruby-rack (1.1.13.2)
    json (1.7.7)
    json (1.7.7-java)
    libv8 (3.11.8.17)
    mail (2.5.3)
      i18n (>= 0.4.0)
      mime-types (~> 1.16)
      treetop (~> 1.4.8)
    marc (0.5.0)
    mime-types (1.23)
    multi_json (1.7.2)
    multi_xml (0.5.3)
    mustache (0.99.4)
    mustache-rails (0.2.3)
      actionpack (>= 3.1)
      mustache (~> 0.99.4)
    mysql2 (0.3.11)
    net-scp (1.1.0)
      net-ssh (>= 2.6.5)
    net-sftp (2.1.1)
      net-ssh (>= 2.6.5)
    net-ssh (2.6.7)
    net-ssh-gateway (1.2.0)
      net-ssh (>= 2.6.5)
    newrelic_rpm (3.6.0.83)
    nokogiri (1.5.9)
    nokogiri (1.5.9-java)
    nori (1.1.5)
    openurl (0.4.3)
      ensure_valid_encoding
      marc
    options (2.3.0)
      fattr
    passenger (3.0.19)
      daemon_controller (>= 1.0.0)
      fastthread (>= 1.0.1)
      rack
      rake (>= 0.8.1)
    polyglot (0.3.3)
    pr_geohash (1.0.0)
    progress_bar (0.4.1)
      highline (~> 1.6.1)
      options (~> 2.3.0)
    rack (1.4.5)
    rack-cache (1.2)
      rack (>= 0.4)
    rack-ssl (1.3.3)
      rack
    rack-test (0.6.2)
      rack (>= 1.0)
    rails (3.2.13)
      actionmailer (= 3.2.13)
      actionpack (= 3.2.13)
      activerecord (= 3.2.13)
      activeresource (= 3.2.13)
      activesupport (= 3.2.13)
      bundler (~> 1.0)
      railties (= 3.2.13)
    rails_config (0.3.3)
      activesupport (>= 3.0)
    railties (3.2.13)
      actionpack (= 3.2.13)
      activesupport (= 3.2.13)
      rack-ssl (~> 1.3.2)
      rake (>= 0.8.7)
      rdoc (~> 3.4)
      thor (>= 0.14.6, < 2.0)
    rake (10.0.4)
    rdoc (3.12.2)
      json (~> 1.4)
    ref (1.0.4)
    require_all (1.2.1)
    rest-client (1.6.7)
      mime-types (>= 1.16)
    rsolr (1.0.9)
      builder (>= 2.1.2)
    rvm-capistrano (1.2.7)
      capistrano (>= 2.0.0)
    sass (3.2.8)
    sass-rails (3.2.6)
      railties (~> 3.2.0)
      sass (>= 3.1.10)
      tilt (~> 1.3)
    savon (1.2.0)
      akami (~> 1.2.0)
      builder (>= 2.1.2)
      gyoku (~> 0.4.5)
      httpi (~> 1.1.0)
      nokogiri (>= 1.4.0)
      nori (~> 1.1.0)
      wasabi (~> 2.5.0)
    simplecov (0.7.1)
      multi_json (~> 1.0)
      simplecov-html (~> 0.7.1)
    simplecov-html (0.7.1)
    simplecov-rcov (0.2.3)
      simplecov (>= 0.4.1)
    sprockets (2.2.2)
      hike (~> 1.2)
      multi_json (~> 1.0)
      rack (~> 1.0)
      tilt (~> 1.1, != 1.3.0)
    sunspot (1.3.3)
      pr_geohash (~> 1.0)
      rsolr (~> 1.0.7)
    sunspot_rails (1.3.3)
      nokogiri
      sunspot (= 1.3.3)
    therubyracer (0.11.4)
      libv8 (~> 3.11.8.12)
      ref
    therubyrhino (2.0.2)
      therubyrhino_jar (>= 1.7.3)
    therubyrhino_jar (1.7.4)
    thor (0.18.1)
    tilt (1.4.0)
    treetop (1.4.12)
      polyglot
      polyglot (>= 0.3.1)
    tzinfo (0.3.37)
    uglifier (2.0.1)
      execjs (>= 0.3.0)
      multi_json (~> 1.0, >= 1.0.2)
    vcr (2.4.0)
    wasabi (2.5.1)
      httpi (~> 1.0)
      nokogiri (>= 1.4.0)
    webmock (1.9.3)
      addressable (>= 2.2.7)
      crack (>= 0.3.2)

PLATFORMS
  java
  ruby

DEPENDENCIES
  activerecord-jdbcmysql-adapter (~> 1.2.5)
  authpds-nyu!
  better_errors (~> 0.7.2)
  binding_of_caller (~> 0.7.1)
  coffee-rails (~> 3.2.2)
  compass-rails (~> 1.0.3)
  coveralls (~> 0.6.7)
  dalli (~> 2.6.0)
  debugger (~> 1.5.0)
  exlibris-nyu!
  jquery-rails (~> 2.2.1)
  jruby-rack (~> 1.1.12)
  json (~> 1.7.7)
  mustache-rails (~> 0.2.3)
  mysql2 (~> 0.3.11)
  newrelic_rpm (~> 3.6.0.0)
  nyulibraries_assets!
  passenger (~> 3.0.19)
  progress_bar (~> 0.4.0)
  rails (~> 3.2.13)
  rails_config (~> 0.3.2)
  rake_nyu!
  rvm-capistrano (~> 1.2.7)
  sass-rails (~> 3.2.6)
  simplecov (~> 0.7.1)
  simplecov-rcov (~> 0.2.3)
  sunspot_rails (~> 1.3.3)
  therubyracer (~> 0.11.1)
  therubyrhino (~> 2.0.2)
  uglifier (>= 1.3.0)
  umlaut!
  umlaut-primo!
  vcr (~> 2.4.0)
  webmock (~> 1.9.0)
