GIT
  remote: git://github.com/team-umlaut/umlaut.git
  revision: b4fbe9ccb124cbfb3439c71660d2480ec1511236
  branch: umlaut3dev
  specs:
    umlaut (3.0.0beta5)
      confstruct (~> 0.2)
      exlibris-primo (~> 0.1.0)
      htmlentities
      isbn
      jquery-rails
      marc (~> 0.4.3)
      multi_json
      nokogiri (= 1.5.0)
      openurl (>= 0.3.0)
      rails (~> 3.2.2)

GEM
  remote: https://rubygems.org/
  specs:
    actionmailer (3.2.2)
      actionpack (= 3.2.2)
      mail (~> 2.4.0)
    actionpack (3.2.2)
      activemodel (= 3.2.2)
      activesupport (= 3.2.2)
      builder (~> 3.0.0)
      erubis (~> 2.7.0)
      journey (~> 1.0.1)
      rack (~> 1.4.0)
      rack-cache (~> 1.1)
      rack-test (~> 0.6.1)
      sprockets (~> 2.1.2)
    activemodel (3.2.2)
      activesupport (= 3.2.2)
      builder (~> 3.0.0)
    activerecord (3.2.2)
      activemodel (= 3.2.2)
      activesupport (= 3.2.2)
      arel (~> 3.0.2)
      tzinfo (~> 0.3.29)
    activeresource (3.2.2)
      activemodel (= 3.2.2)
      activesupport (= 3.2.2)
    activesupport (3.2.2)
      i18n (~> 0.6)
      multi_json (~> 1.0)
    arel (3.0.2)
    authlogic (3.1.0)
      activerecord (>= 3.0.7)
      activerecord (>= 3.0.7)
    authpds (0.1.0)
      authlogic
      nokogiri
      rails (~> 3.2.0)
    authpds-nyu (0.1.1)
      authpds (~> 0.1.0)
      exlibris-aleph (~> 0.1.0)
      rails (~> 3.2.0)
    builder (3.0.0)
    coffee-rails (3.2.2)
      coffee-script (>= 2.2.0)
      railties (~> 3.2.0)
    coffee-script (2.2.0)
      coffee-script-source
      execjs
    coffee-script-source (1.3.1)
    confstruct (0.2.2)
    erubis (2.7.0)
    execjs (1.3.0)
      multi_json (~> 1.0)
    exlibris-aleph (0.1.0)
      httparty
      nokogiri
      rails (~> 3.2.0)
    exlibris-primo (0.1.1)
      nokogiri
      rails (~> 3.2.0)
      soap4r-ruby1.9
    hike (1.2.1)
    htmlentities (4.3.1)
    httparty (0.8.2)
      multi_json
      multi_xml
    i18n (0.6.0)
    isbn (2.0.7)
    journey (1.0.3)
    jquery-rails (2.0.2)
      railties (>= 3.2.0, < 5.0)
      thor (~> 0.14)
    json (1.6.6)
    libv8 (3.3.10.4)
    mail (2.4.4)
      i18n (>= 0.4.0)
      mime-types (~> 1.16)
      treetop (~> 1.4.8)
    marc (0.4.4)
    mime-types (1.18)
    multi_json (1.2.0)
    multi_xml (0.4.2)
    mysql2 (0.3.11)
    nokogiri (1.5.0)
    openurl (0.3.0)
    polyglot (0.3.3)
    rack (1.4.1)
    rack-cache (1.2)
      rack (>= 0.4)
    rack-ssl (1.3.2)
      rack
    rack-test (0.6.1)
      rack (>= 1.0)
    rails (3.2.2)
      actionmailer (= 3.2.2)
      actionpack (= 3.2.2)
      activerecord (= 3.2.2)
      activeresource (= 3.2.2)
      activesupport (= 3.2.2)
      bundler (~> 1.0)
      railties (= 3.2.2)
    railties (3.2.2)
      actionpack (= 3.2.2)
      activesupport (= 3.2.2)
      rack-ssl (~> 1.3.2)
      rake (>= 0.8.7)
      rdoc (~> 3.4)
      thor (~> 0.14.6)
    rake (0.9.2.2)
    rdoc (3.12)
      json (~> 1.4)
    sass (3.1.15)
    sass-rails (3.2.5)
      railties (~> 3.2.0)
      sass (>= 3.1.10)
      tilt (~> 1.3)
    soap4r-ruby1.9 (2.0.5)
    sprockets (2.1.2)
      hike (~> 1.2)
      rack (~> 1.0)
      tilt (~> 1.1, != 1.3.0)
    therubyracer (0.10.1)
      libv8 (~> 3.3.10)
    thor (0.14.6)
    tilt (1.3.3)
    treetop (1.4.10)
      polyglot
      polyglot (>= 0.3.1)
    tzinfo (0.3.33)
    uglifier (1.2.4)
      execjs (>= 0.3.0)
      multi_json (>= 1.0.2)

PLATFORMS
  ruby

DEPENDENCIES
  authpds-nyu (~> 0.1.0)
  coffee-rails (~> 3.2.1)
  exlibris-aleph (~> 0.1.0)
  jquery-rails
  mysql2
  rails (= 3.2.2)
  sass-rails (~> 3.2.3)
  therubyracer
  uglifier (>= 1.0.3)
  umlaut!
