GIT
  remote: git://github.com/NYULibraries/nyulibraries_assets.git
  revision: b16eecdc7b754c9d767e196bba1c9bfd5b123f6b
  specs:
    nyulibraries_assets (0.0.1)
      bootstrap-sass (~> 2.1.1.0)
      compass (~> 0.12.2)
      institutions (~> 0.0.4)

GIT
  remote: git://github.com/team-umlaut/umlaut.git
  revision: 88b381a152138d42bb4782313d176c41760b523f
  branch: bootstrap
  specs:
    umlaut (3.0.3)
      bootstrap-sass
      compass-rails
      confstruct (~> 0.2)
      ensure_valid_encoding
      exlibris-primo (~> 0.1.0)
      htmlentities
      isbn
      jquery-rails
      marc (>= 0.5.0, < 1.1)
      multi_json
      nokogiri (= 1.5.0)
      openurl (>= 0.4.0)
      rails (~> 3.2.5)
      sass-rails

GEM
  remote: http://rubygems.org/
  specs:
    actionmailer (3.2.5)
      actionpack (= 3.2.5)
      mail (~> 2.4.4)
    actionpack (3.2.5)
      activemodel (= 3.2.5)
      activesupport (= 3.2.5)
      builder (~> 3.0.0)
      erubis (~> 2.7.0)
      journey (~> 1.0.1)
      rack (~> 1.4.0)
      rack-cache (~> 1.2)
      rack-test (~> 0.6.1)
      sprockets (~> 2.1.3)
    activemodel (3.2.5)
      activesupport (= 3.2.5)
      builder (~> 3.0.0)
    activerecord (3.2.5)
      activemodel (= 3.2.5)
      activesupport (= 3.2.5)
      arel (~> 3.0.2)
      tzinfo (~> 0.3.29)
    activerecord-jdbc-adapter (1.2.2.1)
    activeresource (3.2.5)
      activemodel (= 3.2.5)
      activesupport (= 3.2.5)
    activesupport (3.2.5)
      i18n (~> 0.6)
      multi_json (~> 1.0)
    arel (3.0.2)
    authlogic (3.1.3)
      activerecord (>= 3.0.0)
      activesupport (>= 3.0.0)
    authpds (0.2.4)
      authlogic (~> 3.1.3)
      institutions (~> 0.0.4)
      nokogiri (~> 1.5.0)
      rails (~> 3.2.0)
      require_all (~> 1.2.1)
    authpds-nyu (0.2.4)
      authpds (~> 0.2.4)
      exlibris-aleph (~> 0.1.0)
      rails (~> 3.2.0)
      require_all (~> 1.2.1)
    bootstrap-sass (2.1.1.0)
    bouncy-castle-java (1.5.0146.1)
    builder (3.0.4)
    capistrano (2.13.5)
      highline
      net-scp (>= 1.0.0)
      net-sftp (>= 2.0.0)
      net-ssh (>= 2.0.14)
      net-ssh-gateway (>= 1.1.0)
    chunky_png (1.2.6)
    coffee-rails (3.2.2)
      coffee-script (>= 2.2.0)
      railties (~> 3.2.0)
    coffee-script (2.2.0)
      coffee-script-source
      execjs
    coffee-script-source (1.4.0)
    compass (0.12.2)
      chunky_png (~> 1.2)
      fssm (>= 0.2.7)
      sass (~> 3.1)
    compass-rails (1.0.3)
      compass (>= 0.12.2, < 0.14)
    confstruct (0.2.4)
    daemon_controller (1.1.0)
    dalli (2.5.0)
    ensure_valid_encoding (0.5.2)
    erubis (2.7.0)
    execjs (1.4.0)
      multi_json (~> 1.0)
    exlibris-aleph (0.1.4)
      httparty
      nokogiri
      rails (~> 3.2.0)
    exlibris-primo (0.1.5)
      activesupport (~> 3.2.0)
      json
      nokogiri
      soap4r-ruby1.9
    fastthread (1.0.7)
    fattr (2.2.1)
    fssm (0.2.9)
    git (1.2.5)
    highline (1.6.15)
    hike (1.2.1)
    htmlentities (4.3.1)
    httparty (0.9.0)
      multi_json (~> 1.0)
      multi_xml
    i18n (0.6.1)
    institutions (0.0.4)
      git (~> 1.2.5)
      ipaddr_range_set (~> 0.10.0)
      rake
      rdoc
      require_all (~> 1.2.1)
    ipaddr_range_set (0.10.0)
    isbn (2.0.7)
    jdbc-mysql (5.1.13)
    journey (1.0.4)
    jquery-rails (2.1.3)
      railties (>= 3.1.0, < 5.0)
      thor (~> 0.14)
    jruby-openssl (0.7.7)
      bouncy-castle-java (>= 1.5.0146.1)
    jruby-rack (1.1.10)
    json (1.7.5)
    json (1.7.5-java)
    libv8 (3.3.10.4)
    mail (2.4.4)
      i18n (>= 0.4.0)
      mime-types (~> 1.16)
      treetop (~> 1.4.8)
    marc (0.5.0)
    mime-types (1.19)
    multi_json (1.3.7)
    multi_xml (0.5.1)
    mustache (0.99.4)
    mustache-rails (0.2.3)
      actionpack (>= 3.1)
      mustache (~> 0.99.4)
    mysql2 (0.3.11)
    net-scp (1.0.4)
      net-ssh (>= 1.99.1)
    net-sftp (2.0.5)
      net-ssh (>= 2.0.9)
    net-ssh (2.6.1)
    net-ssh-gateway (1.1.0)
      net-ssh (>= 1.99.1)
    nokogiri (1.5.0)
    nokogiri (1.5.0-java)
    openurl (0.4.2)
      ensure_valid_encoding
      marc
    options (2.3.0)
      fattr
    passenger (3.0.18)
      daemon_controller (>= 1.0.0)
      fastthread (>= 1.0.1)
      rack
      rake (>= 0.8.1)
    polyglot (0.3.3)
    pr_geohash (1.0.0)
    progress_bar (0.4.0)
      highline (~> 1.6.1)
      options (~> 2.3.0)
    rack (1.4.1)
    rack-cache (1.2)
      rack (>= 0.4)
    rack-ssl (1.3.2)
      rack
    rack-test (0.6.2)
      rack (>= 1.0)
    rails (3.2.5)
      actionmailer (= 3.2.5)
      actionpack (= 3.2.5)
      activerecord (= 3.2.5)
      activeresource (= 3.2.5)
      activesupport (= 3.2.5)
      bundler (~> 1.0)
      railties (= 3.2.5)
    railties (3.2.5)
      actionpack (= 3.2.5)
      activesupport (= 3.2.5)
      rack-ssl (~> 1.3.2)
      rake (>= 0.8.7)
      rdoc (~> 3.4)
      thor (>= 0.14.6, < 2.0)
    rake (10.0.0)
    rdoc (3.12)
      json (~> 1.4)
    require_all (1.2.1)
    rsolr (1.0.8)
      builder (>= 2.1.2)
    rvm-capistrano (1.2.7)
      capistrano (>= 2.0.0)
    sass (3.2.3)
    sass-rails (3.2.5)
      railties (~> 3.2.0)
      sass (>= 3.1.10)
      tilt (~> 1.3)
    soap4r-ruby1.9 (2.0.5)
    sprockets (2.1.3)
      hike (~> 1.2)
      rack (~> 1.0)
      tilt (~> 1.1, != 1.3.0)
    sunspot (1.3.3)
      pr_geohash (~> 1.0)
      rsolr (~> 1.0.7)
    sunspot_rails (1.3.3)
      nokogiri
      sunspot (= 1.3.3)
    therubyracer (0.10.2)
      libv8 (~> 3.3.10)
    therubyrhino (2.0.1)
      therubyrhino_jar (>= 1.7.3)
    therubyrhino_jar (1.7.4)
    thor (0.16.0)
    tilt (1.3.3)
    treetop (1.4.12)
      polyglot
      polyglot (>= 0.3.1)
    tzinfo (0.3.35)
    uglifier (1.3.0)
      execjs (>= 0.3.0)
      multi_json (~> 1.0, >= 1.0.2)

PLATFORMS
  java
  ruby

DEPENDENCIES
  activerecord-jdbc-adapter
  authpds-nyu (~> 0.2.4)
  capistrano
  coffee-rails (~> 3.2.1)
  compass-rails (~> 1.0.3)
  dalli
  exlibris-aleph (~> 0.1.4)
  jdbc-mysql
  jquery-rails
  jruby-openssl
  jruby-rack
  mustache-rails
  mysql2
  nyulibraries_assets!
  passenger
  progress_bar
  rails (= 3.2.5)
  rvm-capistrano
  sass-rails (~> 3.2.5)
  sunspot_rails
  therubyracer
  therubyrhino
  uglifier (>= 1.0.3)
  umlaut!
